PATH
  remote: .
  specs:
    lab_tech (0.1.9)
      rails (>= 5.1.0)
      scientist (~> 1.3)

GEM
  remote: https://rubygems.org/
  specs:
    actioncable (7.0.7.2)
      actionpack (= 7.0.7.2)
      activesupport (= 7.0.7.2)
      nio4r (~> 2.0)
      websocket-driver (>= 0.6.1)
    actionmailbox (7.0.7.2)
      actionpack (= 7.0.7.2)
      activejob (= 7.0.7.2)
      activerecord (= 7.0.7.2)
      activestorage (= 7.0.7.2)
      activesupport (= 7.0.7.2)
      mail (>= 2.7.1)
      net-imap
      net-pop
      net-smtp
    actionmailer (7.0.7.2)
      actionpack (= 7.0.7.2)
      actionview (= 7.0.7.2)
      activejob (= 7.0.7.2)
      activesupport (= 7.0.7.2)
      mail (~> 2.5, >= 2.5.4)
      net-imap
      net-pop
      net-smtp
      rails-dom-testing (~> 2.0)
    actionpack (7.0.7.2)
      actionview (= 7.0.7.2)
      activesupport (= 7.0.7.2)
      rack (~> 2.0, >= 2.2.4)
      rack-test (>= 0.6.3)
      rails-dom-testing (~> 2.0)
      rails-html-sanitizer (~> 1.0, >= 1.2.0)
    actiontext (7.0.7.2)
      actionpack (= 7.0.7.2)
      activerecord (= 7.0.7.2)
      activestorage (= 7.0.7.2)
      activesupport (= 7.0.7.2)
      globalid (>= 0.6.0)
      nokogiri (>= 1.8.5)
    actionview (7.0.7.2)
      activesupport (= 7.0.7.2)
      builder (~> 3.1)
      erubi (~> 1.4)
      rails-dom-testing (~> 2.0)
      rails-html-sanitizer (~> 1.1, >= 1.2.0)
    activejob (7.0.7.2)
      activesupport (= 7.0.7.2)
      globalid (>= 0.3.6)
    activemodel (7.0.7.2)
      activesupport (= 7.0.7.2)
    activerecord (7.0.7.2)
      activemodel (= 7.0.7.2)
      activesupport (= 7.0.7.2)
    activestorage (7.0.7.2)
      actionpack (= 7.0.7.2)
      activejob (= 7.0.7.2)
      activerecord (= 7.0.7.2)
      activesupport (= 7.0.7.2)
      marcel (~> 1.0)
      mini_mime (>= 1.1.0)
    activesupport (7.0.7.2)
      concurrent-ruby (~> 1.0, >= 1.0.2)
      i18n (>= 1.6, < 2)
      minitest (>= 5.1)
      tzinfo (~> 2.0)
    awesome_print (1.8.0)
    builder (3.2.4)
    concurrent-ruby (1.2.2)
    crass (1.0.6)
    date (3.3.3)
    diff-lcs (1.4.4)
    erubi (1.10.0)
    globalid (1.0.1)
      activesupport (>= 5.0)
    i18n (1.14.1)
      concurrent-ruby (~> 1.0)
    loofah (2.20.0)
      crass (~> 1.0.2)
      nokogiri (>= 1.5.9)
    mail (2.7.1)
      mini_mime (>= 0.1.1)
    marcel (1.0.2)
    method_source (1.0.0)
    mini_mime (1.1.2)
    mini_portile2 (2.8.1)
    minitest (5.19.0)
    net-imap (0.3.4)
      date
      net-protocol
    net-pop (0.1.2)
      net-protocol
    net-protocol (0.2.1)
      timeout
    net-smtp (0.3.3)
      net-protocol
    nio4r (2.5.8)
    nokogiri (1.14.3)
      mini_portile2 (~> 2.8.0)
      racc (~> 1.4)
    racc (1.6.2)
    rack (2.2.6.4)
    rack-test (2.0.2)
      rack (>= 1.3)
    rails (7.0.7.2)
      actioncable (= 7.0.7.2)
      actionmailbox (= 7.0.7.2)
      actionmailer (= 7.0.7.2)
      actionpack (= 7.0.7.2)
      actiontext (= 7.0.7.2)
      actionview (= 7.0.7.2)
      activejob (= 7.0.7.2)
      activemodel (= 7.0.7.2)
      activerecord (= 7.0.7.2)
      activestorage (= 7.0.7.2)
      activesupport (= 7.0.7.2)
      bundler (>= 1.15.0)
      railties (= 7.0.7.2)
    rails-dom-testing (2.0.3)
      activesupport (>= 4.2.0)
      nokogiri (>= 1.6)
    rails-html-sanitizer (1.5.0)
      loofah (~> 2.19, >= 2.19.1)
    railties (7.0.7.2)
      actionpack (= 7.0.7.2)
      activesupport (= 7.0.7.2)
      method_source
      rake (>= 12.2)
      thor (~> 1.0)
      zeitwerk (~> 2.5)
    rake (13.0.6)
    rspec-core (3.10.1)
      rspec-support (~> 3.10.0)
    rspec-expectations (3.10.1)
      diff-lcs (>= 1.2.0, < 2.0)
      rspec-support (~> 3.10.0)
    rspec-mocks (3.10.1)
      diff-lcs (>= 1.2.0, < 2.0)
      rspec-support (~> 3.10.0)
    rspec-rails (4.0.2)
      actionpack (>= 4.2)
      activesupport (>= 4.2)
      railties (>= 4.2)
      rspec-core (~> 3.10)
      rspec-expectations (~> 3.10)
      rspec-mocks (~> 3.10)
      rspec-support (~> 3.10)
    rspec-support (3.10.1)
    scientist (1.6.0)
    sqlite3 (1.6.2)
      mini_portile2 (~> 2.8.0)
    table_print (1.5.6)
    thor (1.2.1)
    timeout (0.3.2)
    tzinfo (2.0.6)
      concurrent-ruby (~> 1.0)
    websocket-driver (0.7.5)
      websocket-extensions (>= 0.1.0)
    websocket-extensions (0.1.5)
    zeitwerk (2.6.7)

PLATFORMS
  ruby

DEPENDENCIES
  awesome_print
  lab_tech!
  rspec-rails (~> 4.0)
  sqlite3 (~> 1.6.2)
  table_print

BUNDLED WITH
   2.2.3
